GEM
  remote: https://rubygems.org/
  specs:
    columnize (0.8.9)
    debugger (1.6.8)
      columnize (>= 0.3.1)
      debugger-linecache (~> 1.2.0)
      debugger-ruby_core_source (~> 1.3.5)
    debugger-linecache (1.2.0)
    debugger-ruby_core_source (1.3.5)
    rack (1.5.2)
    rack-proxy (0.5.14)
      rack

PLATFORMS
  ruby

DEPENDENCIES
  debugger
  rack
  rack-proxy
